GEM
  remote: http://rubygems.org/
  specs:
    awesome_print (0.4.0)
    gem-man (0.3.0)
    hirb (0.5.0)
    looksee (1.0.3)
    map_by_method (0.8.3)
    net-http-spy (0.2.1)
    sketches (0.1.1)
    what_methods (1.0.1)
    wirble (0.1.3)

PLATFORMS
  ruby

DEPENDENCIES
  awesome_print
  gem-man
  hirb
  looksee
  map_by_method
  net-http-spy
  sketches
  what_methods
  wirble
